PATH
  remote: .
  specs:
    hanami-octicons (0.1.0)
      hanami-helpers (~> 1.1)
      octicons (~> 5.2)

GEM
  remote: https://rubygems.org/
  specs:
    ast (2.4.0)
    concurrent-ruby (1.0.5)
    diff-lcs (1.3)
    hanami-helpers (1.1.1)
      hanami-utils (~> 1.1)
    hanami-utils (1.1.1)
      concurrent-ruby (~> 1.0)
      transproc (~> 1.0)
    mini_portile2 (2.3.0)
    nokogiri (1.8.2)
      mini_portile2 (~> 2.3.0)
    octicons (5.2.0)
      nokogiri (>= 1.6.3.1)
    parallel (1.12.1)
    parser (2.4.0.2)
      ast (~> 2.3)
    powerpack (0.1.1)
    rainbow (3.0.0)
    rake (10.5.0)
    rspec (3.7.0)
      rspec-core (~> 3.7.0)
      rspec-expectations (~> 3.7.0)
      rspec-mocks (~> 3.7.0)
    rspec-core (3.7.1)
      rspec-support (~> 3.7.0)
    rspec-expectations (3.7.0)
      diff-lcs (>= 1.2.0, < 2.0)
      rspec-support (~> 3.7.0)
    rspec-mocks (3.7.0)
      diff-lcs (>= 1.2.0, < 2.0)
      rspec-support (~> 3.7.0)
    rspec-support (3.7.1)
    rubocop (0.52.1)
      parallel (~> 1.10)
      parser (>= 2.4.0.2, < 3.0)
      powerpack (~> 0.1)
      rainbow (>= 2.2.2, < 4.0)
      ruby-progressbar (~> 1.7)
      unicode-display_width (~> 1.0, >= 1.0.1)
    ruby-progressbar (1.9.0)
    transproc (1.0.2)
    unicode-display_width (1.3.0)

PLATFORMS
  ruby

DEPENDENCIES
  bundler (~> 1.16)
  hanami-octicons!
  rake (~> 10.0)
  rspec (~> 3.0)
  rubocop

BUNDLED WITH
   1.16.1
